GEM
  remote: http://rubygems.org/
  specs:
    git (1.2.5)
    jar_wrapper (0.1.0)
      jeweler
      jeweler
      zip
      zip
    jeweler (1.6.4)
      bundler (~> 1.0)
      git (>= 1.2.5)
      rake
    rake (0.9.2)
    zip (2.0.2)

PLATFORMS
  ruby

DEPENDENCIES
  jar_wrapper
  jeweler
  zip
